GEM
  remote: http://rubygems.org/
  specs:
    builder (3.2.2)
    haml (4.0.3)
      tilt
    pg (0.16.0)
    rack (1.5.2)
    rack-protection (1.5.0)
      rack
    rsolr (1.0.9)
      builder (>= 2.1.2)
    sinatra (1.4.3)
      rack (~> 1.4)
      rack-protection (~> 1.4)
      tilt (~> 1.3, >= 1.3.4)
    tilt (1.4.1)

PLATFORMS
  ruby

DEPENDENCIES
  haml
  pg
  rsolr
  sinatra
